GEM
  remote: https://rubygems.org/
  specs:
    awesome_print_motion (0.1.0)
    ruby_motion_query (0.4.1)

PLATFORMS
  ruby

DEPENDENCIES
  awesome_print_motion
  ruby_motion_query
